GEM
  remote: http://rubygems.org/
  specs:
    activeresource (2.3.10)
      activesupport (= 2.3.10)
    activesupport (2.3.10)
    columnize (0.3.2)
    facets (2.9.0)
    git (1.2.5)
    jeweler (1.5.2)
      bundler (~> 1.0.0)
      git (>= 1.2.5)
      rake
    linecache (0.43)
    mediashelf-loggable (0.4.0)
    mime-types (1.16)
    mocha (0.9.10)
      rake
    multipart-post (1.1.0)
    nokogiri (1.4.4)
    om (1.0.2)
      facets
      facets
      nokogiri
      nokogiri (>= 1.4.2)
    rake (0.8.7)
    rspec (1.3.1)
    ruby-debug (0.10.4)
      columnize (>= 0.1)
      ruby-debug-base (~> 0.10.4.0)
    ruby-debug-base (0.10.4)
      linecache (>= 0.3)
    solr-ruby (0.0.8)
    solrizer (0.3.2)
      mediashelf-loggable
      nokogiri
      nokogiri
      om
      solr-ruby
    solrizer-fedora (0.1.0)
    xml-simple (1.0.14)

PLATFORMS
  ruby

DEPENDENCIES
  activeresource (< 3.0.0)
  jeweler
  mediashelf-loggable
  mime-types (>= 1.16)
  mocha (>= 0.9.8)
  multipart-post
  nokogiri
  om (>= 1.0)
  rspec (< 2.0.0)
  ruby-debug
  solr-ruby (>= 0.0.6)
  solrizer (>= 0.3.0)
  solrizer-fedora (= 0.1.0)
  xml-simple (>= 1.0.12)
